GIT
  remote: https://github.com/ngiger/eclipse-plugin
  revision: 3304128c0deae0c1a5f8af5f7f621be5858d5395
  specs:
    eclipse-plugin (0.3)
      nokogiri
      rubyzip (< 1.0.0)

GIT
  remote: https://github.com/ngiger/elexis-wiki-interface
  revision: 868003799d4db2e65e171edce7cdb9f47cdaebbe
  specs:
    elexis-wiki-interface (0.3)
      eclipse-plugin (>= 0.1)
      mediawiki-gateway
      rubyzip (< 1.0.0)
      unicode

GEM
  remote: https://rubygems.org/
  specs:
    ffi (1.9.6-x86-mingw32)
    mediawiki-gateway (1.0.0)
      rest-client (~> 1.7)
    mime-types (2.4.3)
    mini_portile (0.6.2)
    netrc (0.10.2)
    nokogiri (1.6.6.2)
      mini_portile (~> 0.6.0)
    nokogiri (1.6.6.2-java)
    nokogiri (1.6.6.2-x86-mingw32)
      mini_portile (~> 0.6.0)
    rest-client (1.7.2)
      mime-types (>= 1.16, < 3.0)
      netrc (~> 0.7)
    rest-client (1.7.2-x86-mingw32)
      ffi (~> 1.9)
      mime-types (>= 1.16, < 3.0)
      netrc (~> 0.7)
    rubyzip (0.9.9)
    unicode (0.4.4.2)
    unicode (0.4.4.2-java)
    unicode (0.4.4.2-x86-mingw32)
    xml-simple (1.1.4)

PLATFORMS
  java
  ruby
  x86-mingw32

DEPENDENCIES
  eclipse-plugin!
  elexis-wiki-interface!
  rubyzip (< 1.0)
  xml-simple
