GEM
  remote: https://rubygems.org/
  specs:
    domain_name (0.5.25)
      unf (>= 0.0.5, < 1.0.0)
    eclipse-plugin (0.3)
      nokogiri
      rubyzip (< 1.0.0)
    elexis-wiki-interface (0.5.1)
      eclipse-plugin (>= 0.1)
      mediawiki-gateway
      mediawiki_api
      rubyzip (< 1.0.0)
      unicode
    faraday (0.9.2)
      multipart-post (>= 1.2, < 3)
    faraday-cookie_jar (0.0.6)
      faraday (>= 0.7.4)
      http-cookie (~> 1.0.0)
    http-cookie (1.0.2)
      domain_name (~> 0.5)
    mediawiki-gateway (1.0.0)
      rest-client (~> 1.7)
    mediawiki_api (0.5.0)
      faraday (~> 0.9, >= 0.9.0)
      faraday-cookie_jar (~> 0.0, >= 0.0.6)
    mime-types (2.6.2)
    mini_portile (0.6.2)
    multipart-post (2.0.0)
    netrc (0.10.3)
    nokogiri (1.6.6.2)
      mini_portile (~> 0.6.0)
    rest-client (1.8.0)
      http-cookie (>= 1.0.2, < 2.0)
      mime-types (>= 1.16, < 3.0)
      netrc (~> 0.7)
    rubyzip (0.9.9)
    unf (0.1.4)
      unf_ext
    unf_ext (0.0.7.1)
    unicode (0.4.4.2)
    xml-simple (1.1.5)

PLATFORMS
  ruby

DEPENDENCIES
  eclipse-plugin
  elexis-wiki-interface
  rubyzip (< 1.0)
  xml-simple

BUNDLED WITH
   1.10.6
