GEM
  remote: https://rubygems.org/
  specs:
    rubyzip (0.9.9)
    xml-simple (1.1.2)

PLATFORMS
  ruby

DEPENDENCIES
  rubyzip (< 1.0)
  xml-simple
