GEM
  remote: https://rubygems.org/
  specs:
    rubyzip (1.0.0)
    xml-simple (1.1.2)

PLATFORMS
  ruby

DEPENDENCIES
  rubyzip
  xml-simple
